GIT
  remote: https://github.com/Jesus/dropbox_api
  revision: 0b6e55ea0d7af1cde0a939bdf1d1ec72cc0f68c3
  tag: v0.1.8
  specs:
    dropbox_api (0.1.7)
      faraday (~> 0.9, ~> 0.8)
      oauth2 (~> 1.1)

GEM
  remote: https://rubygems.org/
  specs:
    faraday (0.17.0)
      multipart-post (>= 1.2, < 3)
    jwt (2.2.1)
    multi_json (1.14.1)
    multi_xml (0.6.0)
    multipart-post (2.1.1)
    oauth2 (1.4.2)
      faraday (>= 0.8, < 2.0)
      jwt (>= 1.0, < 3.0)
      multi_json (~> 1.3)
      multi_xml (~> 0.5)
      rack (>= 1.2, < 3)
    rack (2.2.3.1)

PLATFORMS
  ruby

DEPENDENCIES
  dropbox_api!

BUNDLED WITH
   1.16.4
